GEM
  remote: http://rubygems.org/
  specs:
    bson (1.5.1)
    builder (3.0.0)
    cucumber (1.1.4)
      builder (>= 2.1.2)
      diff-lcs (>= 1.1.2)
      gherkin (~> 2.7.1)
      json (>= 1.4.6)
      term-ansicolor (>= 1.0.6)
    diff-lcs (1.1.3)
    fakefs (0.4.0)
    fakeweb (1.3.0)
    gherkin (2.7.1)
      json (>= 1.4.6)
    growl_notify (0.0.3)
      rb-appscript
    guard (0.8.8)
      thor (~> 0.14.6)
    guard-cucumber (0.7.4)
      cucumber (>= 0.10)
      guard (>= 0.8.3)
    guard-rspec (0.5.9)
      guard (>= 0.8.4)
    httparty (0.8.1)
      multi_json
      multi_xml
    json (1.6.3)
    mongo (1.5.1)
      bson (= 1.5.1)
    multi_json (1.0.4)
    multi_xml (0.4.1)
    rb-appscript (0.6.1)
    rb-fsevent (0.4.3.1)
    rspec (2.7.0)
      rspec-core (~> 2.7.0)
      rspec-expectations (~> 2.7.0)
      rspec-mocks (~> 2.7.0)
    rspec-core (2.7.1)
    rspec-expectations (2.7.0)
      diff-lcs (~> 1.1.2)
    rspec-mocks (2.7.0)
    term-ansicolor (1.0.7)
    thor (0.14.6)

PLATFORMS
  ruby

DEPENDENCIES
  cucumber
  fakefs
  fakeweb
  growl_notify
  guard
  guard-cucumber
  guard-rspec
  httparty
  json
  mongo
  rb-fsevent
  rspec
