GEM
  remote: http://rubygems.org/
  specs:
    bson (1.6.1)
    builder (3.0.0)
    childprocess (0.3.1)
      ffi (~> 1.0.6)
    cucumber (1.1.9)
      builder (>= 2.1.2)
      diff-lcs (>= 1.1.2)
      gherkin (~> 2.9.0)
      json (>= 1.4.6)
      term-ansicolor (>= 1.0.6)
    diff-lcs (1.1.3)
    fakefs (0.4.0)
    fakeweb (1.3.0)
    ffi (1.0.11)
    gherkin (2.9.0)
      json (>= 1.4.6)
    httparty (0.8.1)
      multi_json
      multi_xml
    json (1.6.5)
    mongo (1.6.1)
      bson (~> 1.6.1)
    multi_json (1.1.0)
    multi_xml (0.4.2)
    rake (0.9.2.2)
    rspec (2.8.0)
      rspec-core (~> 2.8.0)
      rspec-expectations (~> 2.8.0)
      rspec-mocks (~> 2.8.0)
    rspec-core (2.8.0)
    rspec-expectations (2.8.0)
      diff-lcs (~> 1.1.2)
    rspec-mocks (2.8.0)
    term-ansicolor (1.0.7)

PLATFORMS
  ruby

DEPENDENCIES
  childprocess
  cucumber
  fakefs
  fakeweb
  httparty
  json
  mongo
  rake
  rspec
