GEM
  remote: http://gemcutter.org/
  specs:
    bson (1.0.4)
    builder (2.1.2)
    crack (0.1.6)
    cucumber (0.8.5)
      builder (~> 2.1.2)
      diff-lcs (~> 1.1.2)
      gherkin (~> 2.1.4)
      json_pure (~> 1.4.3)
      term-ansicolor (~> 1.0.4)
    diff-lcs (1.1.2)
    gherkin (2.1.4)
      trollop (~> 1.16.2)
    httparty (0.5.2)
      crack (= 0.1.6)
    json (1.4.3)
    json_pure (1.4.6)
    mongo (1.0.7)
      bson (>= 1.0.4)
    rspec (2.0.0.beta.15)
      rspec-core (= 2.0.0.beta.15)
      rspec-expectations (= 2.0.0.beta.15)
      rspec-mocks (= 2.0.0.beta.15)
    rspec-core (2.0.0.beta.15)
    rspec-expectations (2.0.0.beta.15)
      diff-lcs (>= 1.1.2)
    rspec-mocks (2.0.0.beta.15)
    term-ansicolor (1.0.5)
    trollop (1.16.2)

PLATFORMS
  ruby

DEPENDENCIES
  cucumber (= 0.8.5)
  httparty (= 0.5.2)
  json (= 1.4.3)
  mongo (= 1.0.7)
  rspec (= 2.0.0.beta.15)
